REDIRECTS: ON
NUGET
  remote: https://www.nuget.org/api/v2
    Argu (2.1)
    Fleck (0.13.0.57)
    FsCheck (2.5)
      FSharp.Core (>= 3.1.2.5)
    FsControl (1.0.13)
    FSharp.Configuration (0.6.1)
    FSharp.Control.AsyncSeq (2.0.8)
    FSharp.Core (4.0.0.1) - redirects: force
    FSharpLint (0.2.8)
    FSharpx.Async (1.12)
      FSharp.Control.AsyncSeq
    FSharpx.Collections (1.15.1)
      FSharp.Core
    FSharpx.Extras (1.10.3)
      FSharpx.Async (>= 1.12)
      FSharpx.Collections (>= 1.10.1)
    FsPickler (2.3)
    FsPickler.Json (2.3)
      FsPickler (2.3)
      Newtonsoft.Json (>= 6.0.5)
    fszmq (12.2.1)
      FSharp.Core
    Fuchu (1.0.3)
      FSharp.Core (>= 3.1.2.1)
    Gallio (3.3.1)
    LibGit2Sharp (0.23.0-pre20150419160303)
      LibGit2Sharp.NativeBinaries (1.0.137)
    LibGit2Sharp.NativeBinaries (1.0.137)
    LiteDB (1.0.4)
    Newtonsoft.Json (8.0.3)
    Node.js (5.3)
    Npm.js (2.13.1)
      Node.js (>= 0.12.7)
    NUnit (3.2.1)
    Suave (1.1.3)
      FSharp.Core (>= 3.1.2.5)
    System.Collections (4.0.10) - framework: dnxcore50
      System.Diagnostics.Debug (>= 4.0) - framework: dnxcore50
      System.Resources.ResourceManager (>= 4.0) - framework: dnxcore50
      System.Runtime (>= 4.0) - framework: dnxcore50
      System.Runtime (>= 4.0.20) - framework: dnxcore50
      System.Runtime.Extensions (>= 4.0) - framework: dnxcore50
      System.Threading (>= 4.0) - framework: dnxcore50
    System.Diagnostics.Contracts (4.0) - framework: dnxcore50
      System.Runtime (>= 4.0) - framework: dnxcore50
    System.Diagnostics.Debug (4.0.10) - framework: dnxcore50
      System.Runtime (>= 4.0) - framework: dnxcore50
    System.Globalization (4.0.10) - framework: dnxcore50
      System.Runtime (>= 4.0) - framework: dnxcore50
    System.IO (4.0.10) - framework: dnxcore50
      System.Globalization (>= 4.0) - framework: dnxcore50
      System.Runtime (>= 4.0.20) - framework: dnxcore50
      System.Text.Encoding (>= 4.0) - framework: dnxcore50
      System.Text.Encoding (>= 4.0.10) - framework: dnxcore50
      System.Text.Encoding.Extensions (>= 4.0) - framework: dnxcore50
      System.Threading (>= 4.0) - framework: dnxcore50
      System.Threading.Tasks (>= 4.0) - framework: dnxcore50
    System.Linq (4.0) - framework: dnxcore50
      System.Collections (>= 4.0.10) - framework: dnxcore50
      System.Diagnostics.Debug (>= 4.0.10) - framework: dnxcore50
      System.Resources.ResourceManager (>= 4.0) - framework: dnxcore50
      System.Runtime (>= 4.0.20) - framework: dnxcore50
      System.Runtime.Extensions (>= 4.0.10) - framework: dnxcore50
    System.Linq.Expressions (4.0.10) - framework: dnxcore50
      System.Collections (>= 4.0) - framework: dnxcore50
      System.Diagnostics.Debug (>= 4.0) - framework: dnxcore50
      System.Globalization (>= 4.0) - framework: dnxcore50
      System.IO (>= 4.0) - framework: dnxcore50
      System.Linq (>= 4.0) - framework: dnxcore50
      System.ObjectModel (>= 4.0) - framework: dnxcore50
      System.Reflection (>= 4.0) - framework: dnxcore50
      System.Reflection.Emit (>= 4.0) - framework: dnxcore50
      System.Reflection.Extensions (>= 4.0) - framework: dnxcore50
      System.Reflection.Primitives (>= 4.0) - framework: dnxcore50
      System.Reflection.TypeExtensions (>= 4.0) - framework: dnxcore50
      System.Resources.ResourceManager (>= 4.0) - framework: dnxcore50
      System.Runtime (>= 4.0) - framework: dnxcore50
      System.Runtime (>= 4.0.20) - framework: dnxcore50
      System.Runtime.Extensions (>= 4.0) - framework: dnxcore50
      System.Threading (>= 4.0) - framework: dnxcore50
    System.ObjectModel (4.0.10) - framework: dnxcore50
      System.Collections (>= 4.0.10) - framework: dnxcore50
      System.Diagnostics.Debug (>= 4.0.10) - framework: dnxcore50
      System.Resources.ResourceManager (>= 4.0) - framework: dnxcore50
      System.Runtime (>= 4.0.20) - framework: dnxcore50
      System.Threading (>= 4.0.10) - framework: dnxcore50
    System.Private.Uri (4.0) - framework: dnxcore50
    System.Reflection (4.0.10) - framework: dnxcore50
      System.IO (>= 4.0) - framework: dnxcore50
      System.Reflection.Primitives (>= 4.0) - framework: dnxcore50
      System.Runtime (>= 4.0.20) - framework: dnxcore50
    System.Reflection.Emit (4.0) - framework: dnxcore50
      System.IO (>= 4.0) - framework: dnxcore50
      System.Reflection (>= 4.0) - framework: dnxcore50
      System.Reflection.Emit.ILGeneration (>= 4.0) - framework: dnxcore50
      System.Reflection.Primitives (>= 4.0) - framework: dnxcore50
      System.Runtime (>= 4.0) - framework: dnxcore50
    System.Reflection.Emit.ILGeneration (4.0) - framework: dnxcore50
      System.Reflection (>= 4.0) - framework: dnxcore50
      System.Reflection.Primitives (>= 4.0) - framework: dnxcore50
      System.Runtime (>= 4.0) - framework: dnxcore50
    System.Reflection.Extensions (4.0) - framework: dnxcore50
      System.Diagnostics.Debug (>= 4.0.10) - framework: dnxcore50
      System.Reflection (>= 4.0) - framework: dnxcore50
      System.Reflection (>= 4.0.10) - framework: dnxcore50
      System.Reflection.Primitives (>= 4.0) - framework: dnxcore50
      System.Reflection.TypeExtensions (>= 4.0) - framework: dnxcore50
      System.Resources.ResourceManager (>= 4.0) - framework: dnxcore50
      System.Runtime (>= 4.0) - framework: dnxcore50
      System.Runtime (>= 4.0.20) - framework: dnxcore50
      System.Runtime.Extensions (>= 4.0.10) - framework: dnxcore50
    System.Reflection.Primitives (4.0) - framework: dnxcore50
      System.Runtime (>= 4.0) - framework: dnxcore50
      System.Threading (>= 4.0) - framework: dnxcore50
    System.Reflection.TypeExtensions (4.0) - framework: dnxcore50
      System.Diagnostics.Contracts (>= 4.0) - framework: dnxcore50
      System.Diagnostics.Debug (>= 4.0.10) - framework: dnxcore50
      System.Linq (>= 4.0) - framework: dnxcore50
      System.Reflection (>= 4.0) - framework: dnxcore50
      System.Reflection (>= 4.0.10) - framework: dnxcore50
      System.Reflection.Primitives (>= 4.0) - framework: dnxcore50
      System.Resources.ResourceManager (>= 4.0) - framework: dnxcore50
      System.Runtime (>= 4.0) - framework: dnxcore50
      System.Runtime (>= 4.0.20) - framework: dnxcore50
      System.Runtime.Extensions (>= 4.0.10) - framework: dnxcore50
    System.Resources.ResourceManager (4.0) - framework: dnxcore50
      System.Globalization (>= 4.0) - framework: dnxcore50
      System.Reflection (>= 4.0) - framework: dnxcore50
      System.Reflection (>= 4.0.10) - framework: dnxcore50
      System.Runtime (>= 4.0) - framework: dnxcore50
      System.Runtime (>= 4.0.20) - framework: dnxcore50
    System.Runtime (4.0.20) - framework: dnxcore50
      System.Private.Uri (>= 4.0) - framework: dnxcore50
    System.Runtime.Extensions (4.0.10) - framework: dnxcore50
      System.Runtime (>= 4.0.20) - framework: dnxcore50
    System.Text.Encoding (4.0.10) - framework: dnxcore50
      System.Runtime (>= 4.0) - framework: dnxcore50
    System.Text.Encoding.Extensions (4.0.10) - framework: dnxcore50
      System.Runtime (>= 4.0) - framework: dnxcore50
      System.Text.Encoding (>= 4.0.10) - framework: dnxcore50
    System.Text.RegularExpressions (4.0.10) - framework: dnxcore50
      System.Collections (>= 4.0.10) - framework: dnxcore50
      System.Globalization (>= 4.0.10) - framework: dnxcore50
      System.Resources.ResourceManager (>= 4.0) - framework: dnxcore50
      System.Runtime (>= 4.0.20) - framework: dnxcore50
      System.Runtime.Extensions (>= 4.0.10) - framework: dnxcore50
      System.Threading (>= 4.0.10) - framework: dnxcore50
    System.Threading (4.0.10) - framework: dnxcore50
      System.Runtime (>= 4.0) - framework: dnxcore50
      System.Threading.Tasks (>= 4.0) - framework: dnxcore50
    System.Threading.Tasks (4.0.10) - framework: dnxcore50
      System.Runtime (>= 4.0) - framework: dnxcore50
    xunit (2.1)
      xunit.assert (2.1)
      xunit.core (2.1)
    xunit.abstractions (2.0) - framework: >= net45, dnx451, dnxcore50, monoandroid, monotouch, portable-net45+win80+wp80+wpa81, xamarinios, winv4.5, wpv8.0, wpav8.1
    xunit.assert (2.1)
      System.Collections (>= 4.0) - framework: dnxcore50
      System.Diagnostics.Debug (>= 4.0) - framework: dnxcore50
      System.Globalization (>= 4.0) - framework: dnxcore50
      System.Linq (>= 4.0) - framework: dnxcore50
      System.ObjectModel (>= 4.0) - framework: dnxcore50
      System.Reflection (>= 4.0) - framework: dnxcore50
      System.Reflection.Extensions (>= 4.0) - framework: dnxcore50
      System.Runtime (>= 4.0) - framework: dnxcore50
      System.Runtime.Extensions (>= 4.0) - framework: dnxcore50
      System.Text.RegularExpressions (>= 4.0) - framework: dnxcore50
      System.Threading.Tasks (>= 4.0) - framework: dnxcore50
    xunit.core (2.1)
      System.Collections (>= 4.0) - framework: dnxcore50
      System.Diagnostics.Debug (>= 4.0) - framework: dnxcore50
      System.Globalization (>= 4.0) - framework: dnxcore50
      System.Linq (>= 4.0) - framework: dnxcore50
      System.Reflection (>= 4.0) - framework: dnxcore50
      System.Reflection.Extensions (>= 4.0) - framework: dnxcore50
      System.Runtime (>= 4.0) - framework: dnxcore50
      System.Runtime.Extensions (>= 4.0) - framework: dnxcore50
      System.Threading.Tasks (>= 4.0) - framework: dnxcore50
      xunit.abstractions (>= 2.0) - framework: dnxcore50
      xunit.extensibility.core (2.1) - framework: >= net45, dnx451, dnxcore50, monoandroid, monotouch, portable-net45+win80+wp80+wpa81, xamarinios, winv4.5, wpv8.0, wpav8.1
      xunit.extensibility.execution (2.1) - framework: >= net45, dnx451, dnxcore50, monoandroid, monotouch, portable-net45+win80+wp80+wpa81, xamarinios, winv4.5, wpv8.0, wpav8.1
    xunit.extensibility.core (2.1) - framework: >= net45, dnx451, dnxcore50, monoandroid, monotouch, portable-net45+win80+wp80+wpa81, xamarinios, winv4.5, wpv8.0, wpav8.1
      xunit.abstractions (2.0)
    xunit.extensibility.execution (2.1) - framework: >= net45, dnx451, dnxcore50, monoandroid, monotouch, portable-net45+win80+wp80+wpa81, xamarinios, winv4.5, wpv8.0, wpav8.1
      System.Collections (>= 4.0) - framework: dnxcore50
      System.Diagnostics.Debug (>= 4.0) - framework: dnxcore50
      System.Globalization (>= 4.0) - framework: dnxcore50
      System.IO (>= 4.0) - framework: dnxcore50
      System.Linq (>= 4.0) - framework: dnxcore50
      System.Linq.Expressions (>= 4.0) - framework: dnxcore50
      System.Reflection (>= 4.0) - framework: dnxcore50
      System.Reflection.Extensions (>= 4.0) - framework: dnxcore50
      System.Runtime (>= 4.0) - framework: dnxcore50
      System.Runtime.Extensions (>= 4.0) - framework: dnxcore50
      System.Text.Encoding (>= 4.0) - framework: dnxcore50
      System.Threading (>= 4.0) - framework: dnxcore50
      System.Threading.Tasks (>= 4.0) - framework: dnxcore50
      xunit.abstractions (>= 2.0) - framework: dnxcore50
      xunit.extensibility.core (2.1) - framework: >= net45, dnx451, dnxcore50, monoandroid, monotouch, xamarinios, winv4.5, wpv8.0, wpav8.1
    ZeroMQ (4.1.0.21)

GROUP Build
NUGET
  remote: https://www.nuget.org/api/v2
    Argu (2.1)
    FAKE (4.29.2)
    FsControl (1.0.13)
    FSharp.Compiler.Service (2.0.0.6)
    FSharp.Control.AsyncSeq (2.0.8)
    FSharp.Core (4.0.0.1) - redirects: force
    FSharp.Formatting (2.14.4)
      FSharp.Compiler.Service (2.0.0.6)
      FSharpVSPowerTools.Core (>= 2.3 < 2.4)
    FSharpPlus (0.0.4)
      FsControl (>= 1.0.9)
    FSharpVSPowerTools.Core (2.3)
      FSharp.Compiler.Service (>= 2.0.0.3)
    FSharpx.Async (1.12)
      FSharp.Control.AsyncSeq
    FSharpx.Collections (1.15.1)
      FSharp.Core
    FSharpx.Extras (1.10.3)
      FSharpx.Async (>= 1.12)
      FSharpx.Collections (>= 1.10.1)
    FsPickler (2.3)
    FsPickler.Json (2.3)
      FsPickler (2.3)
      Newtonsoft.Json (>= 6.0.5)
    Microsoft.Bcl (1.1.10) - framework: net10, net11, net20, net30, net35, net40, net40-full
      Microsoft.Bcl.Build (>= 1.0.14)
    Microsoft.Bcl.Build (1.0.21) - import_targets: false, framework: net10, net11, net20, net30, net35, net40, net40-full
    Microsoft.CSharp (4.0.1) - framework: >= netstandard10
      System.Collections (>= 4.0.11) - framework: dnxcore50, >= netstandard13
      System.Diagnostics.Debug (>= 4.0.11) - framework: dnxcore50, >= netstandard13
      System.Dynamic.Runtime (>= 4.0.11) - framework: dnxcore50, netstandard10, >= netstandard13
      System.Globalization (>= 4.0.11) - framework: dnxcore50, >= netstandard13
      System.Linq (>= 4.1) - framework: dnxcore50, >= netstandard13
      System.Linq.Expressions (>= 4.1) - framework: dnxcore50, netstandard10, >= netstandard13
      System.ObjectModel (>= 4.0.12) - framework: dnxcore50, >= netstandard13
      System.Reflection (>= 4.1) - framework: dnxcore50, >= netstandard13
      System.Reflection.Extensions (>= 4.0.1) - framework: dnxcore50, >= netstandard13
      System.Reflection.Primitives (>= 4.0.1) - framework: dnxcore50, >= netstandard13
      System.Reflection.TypeExtensions (>= 4.1) - framework: dnxcore50, >= netstandard13
      System.Resources.ResourceManager (>= 4.0.1) - framework: dnxcore50, >= netstandard13
      System.Runtime (>= 4.1) - framework: dnxcore50, netstandard10, >= netstandard13
      System.Runtime.Extensions (>= 4.1) - framework: dnxcore50, >= netstandard13
      System.Runtime.InteropServices (>= 4.1) - framework: dnxcore50, >= netstandard13
      System.Threading (>= 4.0.11) - framework: dnxcore50, >= netstandard13
    Microsoft.Net.Http (2.2.29) - framework: net10, net11, net20, net30, net35, net40, net40-full
      Microsoft.Bcl (>= 1.1.10)
      Microsoft.Bcl.Build (>= 1.0.14)
    Microsoft.NETCore.Platforms (1.0.1) - framework: >= netstandard10
    Microsoft.NETCore.Targets (1.0.1) - framework: >= netstandard10
    Newtonsoft.Json (9.0.1)
      Microsoft.CSharp (>= 4.0.1) - framework: >= netstandard10
      System.Collections (>= 4.0.11) - framework: >= netstandard10
      System.Diagnostics.Debug (>= 4.0.11) - framework: >= netstandard10
      System.Dynamic.Runtime (>= 4.0.11) - framework: >= netstandard10
      System.Globalization (>= 4.0.11) - framework: >= netstandard10
      System.IO (>= 4.1) - framework: >= netstandard10
      System.Linq (>= 4.1) - framework: >= netstandard10
      System.Linq.Expressions (>= 4.1) - framework: >= netstandard10
      System.ObjectModel (>= 4.0.12) - framework: >= netstandard10
      System.Reflection (>= 4.1) - framework: >= netstandard10
      System.Reflection.Extensions (>= 4.0.1) - framework: >= netstandard10
      System.Resources.ResourceManager (>= 4.0.1) - framework: >= netstandard10
      System.Runtime (>= 4.1) - framework: >= netstandard10
      System.Runtime.Extensions (>= 4.1) - framework: >= netstandard10
      System.Runtime.Serialization.Primitives (>= 4.1.1) - framework: >= netstandard10
      System.Text.Encoding (>= 4.0.11) - framework: >= netstandard10
      System.Text.Encoding.Extensions (>= 4.0.11) - framework: >= netstandard10
      System.Text.RegularExpressions (>= 4.1) - framework: >= netstandard10
      System.Threading (>= 4.0.11) - framework: >= netstandard10
      System.Threading.Tasks (>= 4.0.11) - framework: >= netstandard10
      System.Xml.ReaderWriter (>= 4.0.11) - framework: >= netstandard10
      System.Xml.XDocument (>= 4.0.11) - framework: >= netstandard10
    Octokit (0.20)
      Microsoft.Net.Http  - framework: net10, net11, net20, net30, net35, net40, net40-full
    SourceLink.Fake (1.1)
    System.Collections (4.0.11) - framework: >= netstandard10
      Microsoft.NETCore.Platforms (>= 1.0.1) - framework: dnxcore50, netstandard10, >= netstandard13
      Microsoft.NETCore.Targets (>= 1.0.1) - framework: dnxcore50, netstandard10, >= netstandard13
      System.Runtime (>= 4.1) - framework: dnxcore50, netstandard10, >= netstandard13
    System.Diagnostics.Debug (4.0.11) - framework: >= netstandard10
      Microsoft.NETCore.Platforms (>= 1.0.1) - framework: dnxcore50, netstandard10, >= netstandard13
      Microsoft.NETCore.Targets (>= 1.0.1) - framework: dnxcore50, netstandard10, >= netstandard13
      System.Runtime (>= 4.1) - framework: dnxcore50, netstandard10, >= netstandard13
    System.Diagnostics.Tools (4.0.1) - framework: >= netstandard13
      Microsoft.NETCore.Platforms (>= 1.0.1) - framework: dnxcore50, >= netstandard10
      Microsoft.NETCore.Targets (>= 1.0.1) - framework: dnxcore50, >= netstandard10
      System.Runtime (>= 4.1) - framework: dnxcore50, >= netstandard10
    System.Dynamic.Runtime (4.0.11) - framework: >= netstandard10
      System.Collections (>= 4.0.11) - framework: dnxcore50, >= netstandard13
      System.Diagnostics.Debug (>= 4.0.11) - framework: dnxcore50, >= netstandard13
      System.Globalization (>= 4.0.11) - framework: dnxcore50, >= netstandard13
      System.Linq (>= 4.1) - framework: dnxcore50, >= netstandard13
      System.Linq.Expressions (>= 4.1) - framework: dnxcore50, netstandard10, >= netstandard13
      System.ObjectModel (>= 4.0.12) - framework: dnxcore50, netstandard10, >= netstandard13
      System.Reflection (>= 4.1) - framework: dnxcore50, netstandard10, >= netstandard13
      System.Reflection.Emit (>= 4.0.1) - framework: >= netstandard13
      System.Reflection.Emit.ILGeneration (>= 4.0.1) - framework: >= netstandard13
      System.Reflection.Primitives (>= 4.0.1) - framework: >= netstandard13
      System.Reflection.TypeExtensions (>= 4.1) - framework: dnxcore50, >= netstandard13
      System.Resources.ResourceManager (>= 4.0.1) - framework: dnxcore50, >= netstandard13
      System.Runtime (>= 4.1) - framework: dnxcore50, netstandard10, >= netstandard13
      System.Runtime.Extensions (>= 4.1) - framework: dnxcore50, >= netstandard13
      System.Threading (>= 4.0.11) - framework: dnxcore50, >= netstandard13
    System.Globalization (4.0.11) - framework: >= netstandard10
      Microsoft.NETCore.Platforms (>= 1.0.1) - framework: dnxcore50, netstandard10, >= netstandard13
      Microsoft.NETCore.Targets (>= 1.0.1) - framework: dnxcore50, netstandard10, >= netstandard13
      System.Runtime (>= 4.1) - framework: dnxcore50, netstandard10, >= netstandard13
    System.IO (4.1) - framework: >= netstandard10
      Microsoft.NETCore.Platforms (>= 1.0.1) - framework: dnxcore50, netstandard10, netstandard13, >= netstandard15
      Microsoft.NETCore.Targets (>= 1.0.1) - framework: dnxcore50, netstandard10, netstandard13, >= netstandard15
      System.Runtime (>= 4.1) - framework: dnxcore50, netstandard10, netstandard13, >= netstandard15
      System.Text.Encoding (>= 4.0.11) - framework: dnxcore50, netstandard10, netstandard13, >= netstandard15
      System.Threading.Tasks (>= 4.0.11) - framework: dnxcore50, netstandard10, netstandard13, >= netstandard15
    System.IO.FileSystem (4.0.1) - framework: >= netstandard13
      Microsoft.NETCore.Platforms (>= 1.0.1) - framework: >= netstandard13
      Microsoft.NETCore.Targets (>= 1.0.1) - framework: >= netstandard13
      System.IO (>= 4.1) - framework: >= netstandard13
      System.IO.FileSystem.Primitives (>= 4.0.1) - framework: >= net46, >= netstandard13
      System.Runtime (>= 4.1) - framework: >= netstandard13
      System.Runtime.Handles (>= 4.0.1) - framework: >= netstandard13
      System.Text.Encoding (>= 4.0.11) - framework: >= netstandard13
      System.Threading.Tasks (>= 4.0.11) - framework: >= netstandard13
    System.IO.FileSystem.Primitives (4.0.1) - framework: >= netstandard13
      System.Runtime (>= 4.1) - framework: >= netstandard13
    System.Linq (4.1) - framework: >= netstandard10
      System.Collections (>= 4.0.11) - framework: dnxcore50, netstandard10, >= netstandard16
      System.Diagnostics.Debug (>= 4.0.11) - framework: dnxcore50, >= netstandard16
      System.Resources.ResourceManager (>= 4.0.1) - framework: dnxcore50, >= netstandard16
      System.Runtime (>= 4.1) - framework: dnxcore50, netstandard10, >= netstandard16
      System.Runtime.Extensions (>= 4.1) - framework: dnxcore50, >= netstandard16
    System.Linq.Expressions (4.1) - framework: >= netstandard10
      System.Collections (>= 4.0.11) - framework: dnxcore50, >= netstandard16
      System.Diagnostics.Debug (>= 4.0.11) - framework: dnxcore50, >= netstandard16
      System.Globalization (>= 4.0.11) - framework: dnxcore50, >= netstandard16
      System.IO (>= 4.1) - framework: dnxcore50, >= netstandard16
      System.Linq (>= 4.1) - framework: dnxcore50, >= netstandard16
      System.ObjectModel (>= 4.0.12) - framework: >= netstandard16
      System.Reflection (>= 4.1) - framework: dnxcore50, netstandard10, netstandard13, >= netstandard16
      System.Reflection.Emit (>= 4.0.1) - framework: >= netstandard16
      System.Reflection.Emit.ILGeneration (>= 4.0.1) - framework: dnxcore50, >= netstandard16
      System.Reflection.Emit.Lightweight (>= 4.0.1) - framework: dnxcore50, >= netstandard16
      System.Reflection.Extensions (>= 4.0.1) - framework: dnxcore50, >= netstandard16
      System.Reflection.Primitives (>= 4.0.1) - framework: dnxcore50, >= netstandard16
      System.Reflection.TypeExtensions (>= 4.1) - framework: dnxcore50, >= netstandard16
      System.Resources.ResourceManager (>= 4.0.1) - framework: dnxcore50, >= netstandard16
      System.Runtime (>= 4.1) - framework: dnxcore50, netstandard10, netstandard13, >= netstandard16
      System.Runtime.Extensions (>= 4.1) - framework: dnxcore50, >= netstandard16
      System.Threading (>= 4.0.11) - framework: dnxcore50, >= netstandard16
    System.ObjectModel (4.0.12) - framework: >= netstandard10
      System.Collections (>= 4.0.11) - framework: dnxcore50, >= netstandard13
      System.Diagnostics.Debug (>= 4.0.11) - framework: dnxcore50, >= netstandard13
      System.Resources.ResourceManager (>= 4.0.1) - framework: dnxcore50, >= netstandard13
      System.Runtime (>= 4.1) - framework: dnxcore50, netstandard10, >= netstandard13
      System.Threading (>= 4.0.11) - framework: dnxcore50, >= netstandard13
    System.Reflection (4.1) - framework: >= netstandard10
      Microsoft.NETCore.Platforms (>= 1.0.1) - framework: dnxcore50, netstandard10, netstandard13, >= netstandard15
      Microsoft.NETCore.Targets (>= 1.0.1) - framework: dnxcore50, netstandard10, netstandard13, >= netstandard15
      System.IO (>= 4.1) - framework: dnxcore50, netstandard10, netstandard13, >= netstandard15
      System.Reflection.Primitives (>= 4.0.1) - framework: dnxcore50, netstandard10, netstandard13, >= netstandard15
      System.Runtime (>= 4.1) - framework: dnxcore50, netstandard10, netstandard13, >= netstandard15
    System.Reflection.Emit (4.0.1) - framework: >= netstandard13
      System.IO (>= 4.1) - framework: >= netstandard11
      System.Reflection (>= 4.1) - framework: >= netstandard11
      System.Reflection.Emit.ILGeneration (>= 4.0.1) - framework: >= netstandard11, monotouch, xamarinios
      System.Reflection.Primitives (>= 4.0.1) - framework: >= netstandard11
      System.Runtime (>= 4.1) - framework: >= netstandard11
    System.Reflection.Emit.ILGeneration (4.0.1) - framework: >= netstandard13
      System.Reflection (>= 4.1) - framework: >= netstandard10
      System.Reflection.Primitives (>= 4.0.1) - framework: >= netstandard10
      System.Runtime (>= 4.1) - framework: >= netstandard10
    System.Reflection.Emit.Lightweight (4.0.1) - framework: >= netstandard16
      System.Reflection (>= 4.1) - framework: >= netstandard10
      System.Reflection.Emit.ILGeneration (>= 4.0.1) - framework: >= netstandard10, monoandroid, monotouch, xamarinios, xamarinmac
      System.Reflection.Primitives (>= 4.0.1) - framework: >= netstandard10
      System.Runtime (>= 4.1) - framework: >= netstandard10
    System.Reflection.Extensions (4.0.1) - framework: >= netstandard10
      Microsoft.NETCore.Platforms (>= 1.0.1) - framework: dnxcore50, >= netstandard10
      Microsoft.NETCore.Targets (>= 1.0.1) - framework: dnxcore50, >= netstandard10
      System.Reflection (>= 4.1) - framework: dnxcore50, >= netstandard10
      System.Runtime (>= 4.1) - framework: dnxcore50, >= netstandard10
    System.Reflection.Primitives (4.0.1) - framework: netstandard10, >= netstandard13
      Microsoft.NETCore.Platforms (>= 1.0.1) - framework: dnxcore50, >= netstandard10
      Microsoft.NETCore.Targets (>= 1.0.1) - framework: dnxcore50, >= netstandard10
      System.Runtime (>= 4.1) - framework: dnxcore50, >= netstandard10
    System.Reflection.TypeExtensions (4.1) - framework: >= netstandard13
      System.Reflection (>= 4.1) - framework: >= net462, dnxcore50, netstandard13, >= netstandard15
      System.Runtime (>= 4.1) - framework: dnxcore50, netstandard13, >= netstandard15
    System.Resources.ResourceManager (4.0.1) - framework: >= netstandard10
      Microsoft.NETCore.Platforms (>= 1.0.1) - framework: dnxcore50, >= netstandard10
      Microsoft.NETCore.Targets (>= 1.0.1) - framework: dnxcore50, >= netstandard10
      System.Globalization (>= 4.0.11) - framework: dnxcore50, >= netstandard10
      System.Reflection (>= 4.1) - framework: dnxcore50, >= netstandard10
      System.Runtime (>= 4.1) - framework: dnxcore50, >= netstandard10
    System.Runtime (4.1) - framework: >= netstandard10
      Microsoft.NETCore.Platforms (>= 1.0.1) - framework: dnxcore50, netstandard10, netstandard12, netstandard13, >= netstandard15
      Microsoft.NETCore.Targets (>= 1.0.1) - framework: dnxcore50, netstandard10, netstandard12, netstandard13, >= netstandard15
    System.Runtime.Extensions (4.1) - framework: >= netstandard10
      Microsoft.NETCore.Platforms (>= 1.0.1) - framework: dnxcore50, netstandard10, netstandard13, >= netstandard15
      Microsoft.NETCore.Targets (>= 1.0.1) - framework: dnxcore50, netstandard10, netstandard13, >= netstandard15
      System.Runtime (>= 4.1) - framework: dnxcore50, netstandard10, netstandard13, >= netstandard15
    System.Runtime.Handles (4.0.1) - framework: >= netstandard13
      Microsoft.NETCore.Platforms (>= 1.0.1) - framework: >= netstandard13
      Microsoft.NETCore.Targets (>= 1.0.1) - framework: >= netstandard13
      System.Runtime (>= 4.1) - framework: >= netstandard13
    System.Runtime.InteropServices (4.1) - framework: >= netstandard13
      Microsoft.NETCore.Platforms (>= 1.0.1) - framework: dnxcore50, netstandard11, netstandard12, netstandard13, >= netstandard15
      Microsoft.NETCore.Targets (>= 1.0.1) - framework: dnxcore50, netstandard11, netstandard12, netstandard13, >= netstandard15
      System.Reflection (>= 4.1) - framework: dnxcore50, netstandard11, netstandard12, netstandard13, >= netstandard15
      System.Reflection.Primitives (>= 4.0.1) - framework: dnxcore50, netstandard11, netstandard12, netstandard13, >= netstandard15
      System.Runtime (>= 4.1) - framework: >= net462, dnxcore50, netstandard11, netstandard12, netstandard13, >= netstandard15
      System.Runtime.Handles (>= 4.0.1) - framework: dnxcore50, netstandard13, >= netstandard15
    System.Runtime.Serialization.Primitives (4.1.1) - framework: >= netstandard10
      System.Resources.ResourceManager (>= 4.0.1) - framework: dnxcore50, >= netstandard13
      System.Runtime (>= 4.1) - framework: dnxcore50, netstandard10, >= netstandard13
    System.Text.Encoding (4.0.11) - framework: >= netstandard10
      Microsoft.NETCore.Platforms (>= 1.0.1) - framework: dnxcore50, netstandard10, >= netstandard13
      Microsoft.NETCore.Targets (>= 1.0.1) - framework: dnxcore50, netstandard10, >= netstandard13
      System.Runtime (>= 4.1) - framework: dnxcore50, netstandard10, >= netstandard13
    System.Text.Encoding.Extensions (4.0.11) - framework: >= netstandard10
      Microsoft.NETCore.Platforms (>= 1.0.1) - framework: dnxcore50, netstandard10, >= netstandard13
      Microsoft.NETCore.Targets (>= 1.0.1) - framework: dnxcore50, netstandard10, >= netstandard13
      System.Runtime (>= 4.1) - framework: dnxcore50, netstandard10, >= netstandard13
      System.Text.Encoding (>= 4.0.11) - framework: dnxcore50, netstandard10, >= netstandard13
    System.Text.RegularExpressions (4.1) - framework: >= netstandard10
      System.Collections (>= 4.0.11) - framework: dnxcore50, >= netstandard16
      System.Globalization (>= 4.0.11) - framework: dnxcore50, >= netstandard16
      System.Resources.ResourceManager (>= 4.0.1) - framework: dnxcore50, >= netstandard16
      System.Runtime (>= 4.1) - framework: dnxcore50, netstandard10, netstandard13, >= netstandard16
      System.Runtime.Extensions (>= 4.1) - framework: dnxcore50, >= netstandard16
      System.Threading (>= 4.0.11) - framework: dnxcore50, >= netstandard16
    System.Threading (4.0.11) - framework: >= netstandard10
      System.Runtime (>= 4.1) - framework: dnxcore50, netstandard10, >= netstandard13
      System.Threading.Tasks (>= 4.0.11) - framework: dnxcore50, netstandard10, >= netstandard13
    System.Threading.Tasks (4.0.11) - framework: >= netstandard10
      Microsoft.NETCore.Platforms (>= 1.0.1) - framework: dnxcore50, netstandard10, >= netstandard13
      Microsoft.NETCore.Targets (>= 1.0.1) - framework: dnxcore50, netstandard10, >= netstandard13
      System.Runtime (>= 4.1) - framework: dnxcore50, netstandard10, >= netstandard13
    System.Threading.Tasks.Extensions (4.0) - framework: >= netstandard13
      System.Collections (>= 4.0.11) - framework: >= netstandard10
      System.Runtime (>= 4.1) - framework: >= netstandard10
      System.Threading.Tasks (>= 4.0.11) - framework: >= netstandard10
    System.Xml.ReaderWriter (4.0.11) - framework: >= netstandard10
      System.Collections (>= 4.0.11) - framework: dnxcore50, >= netstandard13
      System.Diagnostics.Debug (>= 4.0.11) - framework: dnxcore50, >= netstandard13
      System.Globalization (>= 4.0.11) - framework: dnxcore50, >= netstandard13
      System.IO (>= 4.1) - framework: dnxcore50, netstandard10, >= netstandard13
      System.IO.FileSystem (>= 4.0.1) - framework: dnxcore50, >= netstandard13
      System.IO.FileSystem.Primitives (>= 4.0.1) - framework: dnxcore50, >= netstandard13
      System.Resources.ResourceManager (>= 4.0.1) - framework: dnxcore50, >= netstandard13
      System.Runtime (>= 4.1) - framework: dnxcore50, netstandard10, >= netstandard13
      System.Runtime.Extensions (>= 4.1) - framework: dnxcore50, >= netstandard13
      System.Runtime.InteropServices (>= 4.1) - framework: dnxcore50, >= netstandard13
      System.Text.Encoding (>= 4.0.11) - framework: dnxcore50, netstandard10, >= netstandard13
      System.Text.Encoding.Extensions (>= 4.0.11) - framework: dnxcore50, >= netstandard13
      System.Text.RegularExpressions (>= 4.1) - framework: dnxcore50, >= netstandard13
      System.Threading.Tasks (>= 4.0.11) - framework: dnxcore50, netstandard10, >= netstandard13
      System.Threading.Tasks.Extensions (>= 4.0) - framework: dnxcore50, >= netstandard13
    System.Xml.XDocument (4.0.11) - framework: >= netstandard10
      System.Collections (>= 4.0.11) - framework: dnxcore50, >= netstandard13
      System.Diagnostics.Debug (>= 4.0.11) - framework: dnxcore50, >= netstandard13
      System.Diagnostics.Tools (>= 4.0.1) - framework: dnxcore50, >= netstandard13
      System.Globalization (>= 4.0.11) - framework: dnxcore50, >= netstandard13
      System.IO (>= 4.1) - framework: dnxcore50, netstandard10, >= netstandard13
      System.Reflection (>= 4.1) - framework: dnxcore50, >= netstandard13
      System.Resources.ResourceManager (>= 4.0.1) - framework: dnxcore50, >= netstandard13
      System.Runtime (>= 4.1) - framework: dnxcore50, netstandard10, >= netstandard13
      System.Runtime.Extensions (>= 4.1) - framework: dnxcore50, >= netstandard13
      System.Text.Encoding (>= 4.0.11) - framework: dnxcore50, >= netstandard13
      System.Threading (>= 4.0.11) - framework: dnxcore50, >= netstandard13
      System.Xml.ReaderWriter (>= 4.0.11) - framework: dnxcore50, netstandard10, >= netstandard13
GITHUB
  remote: fsharp/FAKE
    modules/Octokit/Octokit.fsx (573a4dc3d2be229d55a4935136f393d1f1d683c1)
      Octokit
GROUP Test
NUGET
  remote: https://www.nuget.org/api/v2
    FsCheck (2.5)
      FSharp.Core (>= 3.1.2.5)
    FsControl (1.0.13)
    FSharp.Control.AsyncSeq (2.0.8)
    FSharp.Core (4.0.0.1) - redirects: force
    FSharpPlus (0.0.4)
      FsControl (>= 1.0.9)
    FSharpx.Async (1.12)
      FSharp.Control.AsyncSeq
    FSharpx.Collections (1.15.1)
      FSharp.Core
    FSharpx.Extras (1.10.3)
      FSharpx.Async (>= 1.12)
      FSharpx.Collections (>= 1.10.1)
    FsPickler (2.3)
    FsPickler.Json (2.3)
      FsPickler (2.3)
      Newtonsoft.Json (>= 6.0.5)
    Fuchu (1.0.3)
      FSharp.Core (>= 3.1.2.1)
    Fuchu.FsCheck (1.0.3)
      FsCheck (>= 2.2.4)
      FSharp.Core (>= 3.1.2.5)
      Fuchu (>= 1.0.3)
    Gallio (3.3.1)
    Microsoft.CSharp (4.0.1) - framework: >= netstandard10
      System.Collections (>= 4.0.11) - framework: dnxcore50, >= netstandard13
      System.Diagnostics.Debug (>= 4.0.11) - framework: dnxcore50, >= netstandard13
      System.Dynamic.Runtime (>= 4.0.11) - framework: dnxcore50, netstandard10, >= netstandard13
      System.Globalization (>= 4.0.11) - framework: dnxcore50, >= netstandard13
      System.Linq (>= 4.1) - framework: dnxcore50, >= netstandard13
      System.Linq.Expressions (>= 4.1) - framework: dnxcore50, netstandard10, >= netstandard13
      System.ObjectModel (>= 4.0.12) - framework: dnxcore50, >= netstandard13
      System.Reflection (>= 4.1) - framework: dnxcore50, >= netstandard13
      System.Reflection.Extensions (>= 4.0.1) - framework: dnxcore50, >= netstandard13
      System.Reflection.Primitives (>= 4.0.1) - framework: dnxcore50, >= netstandard13
      System.Reflection.TypeExtensions (>= 4.1) - framework: dnxcore50, >= netstandard13
      System.Resources.ResourceManager (>= 4.0.1) - framework: dnxcore50, >= netstandard13
      System.Runtime (>= 4.1) - framework: dnxcore50, netstandard10, >= netstandard13
      System.Runtime.Extensions (>= 4.1) - framework: dnxcore50, >= netstandard13
      System.Runtime.InteropServices (>= 4.1) - framework: dnxcore50, >= netstandard13
      System.Threading (>= 4.0.11) - framework: dnxcore50, >= netstandard13
    Microsoft.NETCore.Platforms (1.0.1) - framework: dnxcore50, >= netstandard10
    Microsoft.NETCore.Targets (1.0.1) - framework: dnxcore50, >= netstandard10
    Newtonsoft.Json (9.0.1)
      Microsoft.CSharp (>= 4.0.1) - framework: >= netstandard10
      System.Collections (>= 4.0.11) - framework: >= netstandard10
      System.Diagnostics.Debug (>= 4.0.11) - framework: >= netstandard10
      System.Dynamic.Runtime (>= 4.0.11) - framework: >= netstandard10
      System.Globalization (>= 4.0.11) - framework: >= netstandard10
      System.IO (>= 4.1) - framework: >= netstandard10
      System.Linq (>= 4.1) - framework: >= netstandard10
      System.Linq.Expressions (>= 4.1) - framework: >= netstandard10
      System.ObjectModel (>= 4.0.12) - framework: >= netstandard10
      System.Reflection (>= 4.1) - framework: >= netstandard10
      System.Reflection.Extensions (>= 4.0.1) - framework: >= netstandard10
      System.Resources.ResourceManager (>= 4.0.1) - framework: >= netstandard10
      System.Runtime (>= 4.1) - framework: >= netstandard10
      System.Runtime.Extensions (>= 4.1) - framework: >= netstandard10
      System.Runtime.Serialization.Primitives (>= 4.1.1) - framework: >= netstandard10
      System.Text.Encoding (>= 4.0.11) - framework: >= netstandard10
      System.Text.Encoding.Extensions (>= 4.0.11) - framework: >= netstandard10
      System.Text.RegularExpressions (>= 4.1) - framework: >= netstandard10
      System.Threading (>= 4.0.11) - framework: >= netstandard10
      System.Threading.Tasks (>= 4.0.11) - framework: >= netstandard10
      System.Xml.ReaderWriter (>= 4.0.11) - framework: >= netstandard10
      System.Xml.XDocument (>= 4.0.11) - framework: >= netstandard10
    NUnit (3.2.1)
    System.Collections (4.0.11) - framework: dnxcore50, >= netstandard10
      Microsoft.NETCore.Platforms (>= 1.0.1) - framework: dnxcore50, netstandard10, >= netstandard13
      Microsoft.NETCore.Targets (>= 1.0.1) - framework: dnxcore50, netstandard10, >= netstandard13
      System.Runtime (>= 4.1) - framework: dnxcore50, netstandard10, >= netstandard13
    System.Diagnostics.Debug (4.0.11) - framework: dnxcore50, >= netstandard10
      Microsoft.NETCore.Platforms (>= 1.0.1) - framework: dnxcore50, netstandard10, >= netstandard13
      Microsoft.NETCore.Targets (>= 1.0.1) - framework: dnxcore50, netstandard10, >= netstandard13
      System.Runtime (>= 4.1) - framework: dnxcore50, netstandard10, >= netstandard13
    System.Diagnostics.Tools (4.0.1) - framework: >= netstandard13
      Microsoft.NETCore.Platforms (>= 1.0.1) - framework: dnxcore50, >= netstandard10
      Microsoft.NETCore.Targets (>= 1.0.1) - framework: dnxcore50, >= netstandard10
      System.Runtime (>= 4.1) - framework: dnxcore50, >= netstandard10
    System.Dynamic.Runtime (4.0.11) - framework: >= netstandard10
      System.Collections (>= 4.0.11) - framework: dnxcore50, >= netstandard13
      System.Diagnostics.Debug (>= 4.0.11) - framework: dnxcore50, >= netstandard13
      System.Globalization (>= 4.0.11) - framework: dnxcore50, >= netstandard13
      System.Linq (>= 4.1) - framework: dnxcore50, >= netstandard13
      System.Linq.Expressions (>= 4.1) - framework: dnxcore50, netstandard10, >= netstandard13
      System.ObjectModel (>= 4.0.12) - framework: dnxcore50, netstandard10, >= netstandard13
      System.Reflection (>= 4.1) - framework: dnxcore50, netstandard10, >= netstandard13
      System.Reflection.Emit (>= 4.0.1) - framework: >= netstandard13
      System.Reflection.Emit.ILGeneration (>= 4.0.1) - framework: >= netstandard13
      System.Reflection.Primitives (>= 4.0.1) - framework: >= netstandard13
      System.Reflection.TypeExtensions (>= 4.1) - framework: dnxcore50, >= netstandard13
      System.Resources.ResourceManager (>= 4.0.1) - framework: dnxcore50, >= netstandard13
      System.Runtime (>= 4.1) - framework: dnxcore50, netstandard10, >= netstandard13
      System.Runtime.Extensions (>= 4.1) - framework: dnxcore50, >= netstandard13
      System.Threading (>= 4.0.11) - framework: dnxcore50, >= netstandard13
    System.Globalization (4.0.11) - framework: dnxcore50, >= netstandard10
      Microsoft.NETCore.Platforms (>= 1.0.1) - framework: dnxcore50, netstandard10, >= netstandard13
      Microsoft.NETCore.Targets (>= 1.0.1) - framework: dnxcore50, netstandard10, >= netstandard13
      System.Runtime (>= 4.1) - framework: dnxcore50, netstandard10, >= netstandard13
    System.IO (4.1) - framework: dnxcore50, >= netstandard10
      Microsoft.NETCore.Platforms (>= 1.0.1) - framework: dnxcore50, netstandard10, netstandard13, >= netstandard15
      Microsoft.NETCore.Targets (>= 1.0.1) - framework: dnxcore50, netstandard10, netstandard13, >= netstandard15
      System.Runtime (>= 4.1) - framework: dnxcore50, netstandard10, netstandard13, >= netstandard15
      System.Text.Encoding (>= 4.0.11) - framework: dnxcore50, netstandard10, netstandard13, >= netstandard15
      System.Threading.Tasks (>= 4.0.11) - framework: dnxcore50, netstandard10, netstandard13, >= netstandard15
    System.IO.FileSystem (4.0.1) - framework: >= netstandard13
      Microsoft.NETCore.Platforms (>= 1.0.1) - framework: >= netstandard13
      Microsoft.NETCore.Targets (>= 1.0.1) - framework: >= netstandard13
      System.IO (>= 4.1) - framework: >= netstandard13
      System.IO.FileSystem.Primitives (>= 4.0.1) - framework: >= net46, >= netstandard13
      System.Runtime (>= 4.1) - framework: >= netstandard13
      System.Runtime.Handles (>= 4.0.1) - framework: >= netstandard13
      System.Text.Encoding (>= 4.0.11) - framework: >= netstandard13
      System.Threading.Tasks (>= 4.0.11) - framework: >= netstandard13
    System.IO.FileSystem.Primitives (4.0.1) - framework: >= netstandard13
      System.Runtime (>= 4.1) - framework: >= netstandard13
    System.Linq (4.1) - framework: dnxcore50, >= netstandard10
      System.Collections (>= 4.0.11) - framework: dnxcore50, netstandard10, >= netstandard16
      System.Diagnostics.Debug (>= 4.0.11) - framework: dnxcore50, >= netstandard16
      System.Resources.ResourceManager (>= 4.0.1) - framework: dnxcore50, >= netstandard16
      System.Runtime (>= 4.1) - framework: dnxcore50, netstandard10, >= netstandard16
      System.Runtime.Extensions (>= 4.1) - framework: dnxcore50, >= netstandard16
    System.Linq.Expressions (4.1) - framework: dnxcore50, >= netstandard10
      System.Collections (>= 4.0.11) - framework: dnxcore50, >= netstandard16
      System.Diagnostics.Debug (>= 4.0.11) - framework: dnxcore50, >= netstandard16
      System.Globalization (>= 4.0.11) - framework: dnxcore50, >= netstandard16
      System.IO (>= 4.1) - framework: dnxcore50, >= netstandard16
      System.Linq (>= 4.1) - framework: dnxcore50, >= netstandard16
      System.ObjectModel (>= 4.0.12) - framework: >= netstandard16
      System.Reflection (>= 4.1) - framework: dnxcore50, netstandard10, netstandard13, >= netstandard16
      System.Reflection.Emit (>= 4.0.1) - framework: >= netstandard16
      System.Reflection.Emit.ILGeneration (>= 4.0.1) - framework: dnxcore50, >= netstandard16
      System.Reflection.Emit.Lightweight (>= 4.0.1) - framework: dnxcore50, >= netstandard16
      System.Reflection.Extensions (>= 4.0.1) - framework: dnxcore50, >= netstandard16
      System.Reflection.Primitives (>= 4.0.1) - framework: dnxcore50, >= netstandard16
      System.Reflection.TypeExtensions (>= 4.1) - framework: dnxcore50, >= netstandard16
      System.Resources.ResourceManager (>= 4.0.1) - framework: dnxcore50, >= netstandard16
      System.Runtime (>= 4.1) - framework: dnxcore50, netstandard10, netstandard13, >= netstandard16
      System.Runtime.Extensions (>= 4.1) - framework: dnxcore50, >= netstandard16
      System.Threading (>= 4.0.11) - framework: dnxcore50, >= netstandard16
    System.ObjectModel (4.0.12) - framework: dnxcore50, >= netstandard10
      System.Collections (>= 4.0.11) - framework: dnxcore50, >= netstandard13
      System.Diagnostics.Debug (>= 4.0.11) - framework: dnxcore50, >= netstandard13
      System.Resources.ResourceManager (>= 4.0.1) - framework: dnxcore50, >= netstandard13
      System.Runtime (>= 4.1) - framework: dnxcore50, netstandard10, >= netstandard13
      System.Threading (>= 4.0.11) - framework: dnxcore50, >= netstandard13
    System.Reflection (4.1) - framework: dnxcore50, >= netstandard10
      Microsoft.NETCore.Platforms (>= 1.0.1) - framework: dnxcore50, netstandard10, netstandard13, >= netstandard15
      Microsoft.NETCore.Targets (>= 1.0.1) - framework: dnxcore50, netstandard10, netstandard13, >= netstandard15
      System.IO (>= 4.1) - framework: dnxcore50, netstandard10, netstandard13, >= netstandard15
      System.Reflection.Primitives (>= 4.0.1) - framework: dnxcore50, netstandard10, netstandard13, >= netstandard15
      System.Runtime (>= 4.1) - framework: dnxcore50, netstandard10, netstandard13, >= netstandard15
    System.Reflection.Emit (4.0.1) - framework: >= netstandard13
      System.IO (>= 4.1) - framework: >= netstandard11
      System.Reflection (>= 4.1) - framework: >= netstandard11
      System.Reflection.Emit.ILGeneration (>= 4.0.1) - framework: >= netstandard11, monotouch, xamarinios
      System.Reflection.Primitives (>= 4.0.1) - framework: >= netstandard11
      System.Runtime (>= 4.1) - framework: >= netstandard11
    System.Reflection.Emit.ILGeneration (4.0.1) - framework: dnxcore50, >= netstandard13
      System.Reflection (>= 4.1) - framework: >= netstandard10
      System.Reflection.Primitives (>= 4.0.1) - framework: >= netstandard10
      System.Runtime (>= 4.1) - framework: >= netstandard10
    System.Reflection.Emit.Lightweight (4.0.1) - framework: dnxcore50, >= netstandard16
      System.Reflection (>= 4.1) - framework: >= netstandard10
      System.Reflection.Emit.ILGeneration (>= 4.0.1) - framework: >= netstandard10, monoandroid, monotouch, xamarinios, xamarinmac
      System.Reflection.Primitives (>= 4.0.1) - framework: >= netstandard10
      System.Runtime (>= 4.1) - framework: >= netstandard10
    System.Reflection.Extensions (4.0.1) - framework: dnxcore50, >= netstandard10
      Microsoft.NETCore.Platforms (>= 1.0.1) - framework: dnxcore50, >= netstandard10
      Microsoft.NETCore.Targets (>= 1.0.1) - framework: dnxcore50, >= netstandard10
      System.Reflection (>= 4.1) - framework: dnxcore50, >= netstandard10
      System.Runtime (>= 4.1) - framework: dnxcore50, >= netstandard10
    System.Reflection.Primitives (4.0.1) - framework: dnxcore50, netstandard10, >= netstandard13
      Microsoft.NETCore.Platforms (>= 1.0.1) - framework: dnxcore50, >= netstandard10
      Microsoft.NETCore.Targets (>= 1.0.1) - framework: dnxcore50, >= netstandard10
      System.Runtime (>= 4.1) - framework: dnxcore50, >= netstandard10
    System.Reflection.TypeExtensions (4.1) - framework: dnxcore50, >= netstandard13
      System.Reflection (>= 4.1) - framework: >= net462, dnxcore50, netstandard13, >= netstandard15
      System.Runtime (>= 4.1) - framework: dnxcore50, netstandard13, >= netstandard15
    System.Resources.ResourceManager (4.0.1) - framework: dnxcore50, >= netstandard10
      Microsoft.NETCore.Platforms (>= 1.0.1) - framework: dnxcore50, >= netstandard10
      Microsoft.NETCore.Targets (>= 1.0.1) - framework: dnxcore50, >= netstandard10
      System.Globalization (>= 4.0.11) - framework: dnxcore50, >= netstandard10
      System.Reflection (>= 4.1) - framework: dnxcore50, >= netstandard10
      System.Runtime (>= 4.1) - framework: dnxcore50, >= netstandard10
    System.Runtime (4.1) - framework: dnxcore50, >= netstandard10
      Microsoft.NETCore.Platforms (>= 1.0.1) - framework: dnxcore50, netstandard10, netstandard12, netstandard13, >= netstandard15
      Microsoft.NETCore.Targets (>= 1.0.1) - framework: dnxcore50, netstandard10, netstandard12, netstandard13, >= netstandard15
    System.Runtime.Extensions (4.1) - framework: dnxcore50, >= netstandard10
      Microsoft.NETCore.Platforms (>= 1.0.1) - framework: dnxcore50, netstandard10, netstandard13, >= netstandard15
      Microsoft.NETCore.Targets (>= 1.0.1) - framework: dnxcore50, netstandard10, netstandard13, >= netstandard15
      System.Runtime (>= 4.1) - framework: dnxcore50, netstandard10, netstandard13, >= netstandard15
    System.Runtime.Handles (4.0.1) - framework: >= netstandard13
      Microsoft.NETCore.Platforms (>= 1.0.1) - framework: >= netstandard13
      Microsoft.NETCore.Targets (>= 1.0.1) - framework: >= netstandard13
      System.Runtime (>= 4.1) - framework: >= netstandard13
    System.Runtime.InteropServices (4.1) - framework: >= netstandard13
      Microsoft.NETCore.Platforms (>= 1.0.1) - framework: dnxcore50, netstandard11, netstandard12, netstandard13, >= netstandard15
      Microsoft.NETCore.Targets (>= 1.0.1) - framework: dnxcore50, netstandard11, netstandard12, netstandard13, >= netstandard15
      System.Reflection (>= 4.1) - framework: dnxcore50, netstandard11, netstandard12, netstandard13, >= netstandard15
      System.Reflection.Primitives (>= 4.0.1) - framework: dnxcore50, netstandard11, netstandard12, netstandard13, >= netstandard15
      System.Runtime (>= 4.1) - framework: >= net462, dnxcore50, netstandard11, netstandard12, netstandard13, >= netstandard15
      System.Runtime.Handles (>= 4.0.1) - framework: dnxcore50, netstandard13, >= netstandard15
    System.Runtime.Serialization.Primitives (4.1.1) - framework: >= netstandard10
      System.Resources.ResourceManager (>= 4.0.1) - framework: dnxcore50, >= netstandard13
      System.Runtime (>= 4.1) - framework: dnxcore50, netstandard10, >= netstandard13
    System.Text.Encoding (4.0.11) - framework: dnxcore50, >= netstandard10
      Microsoft.NETCore.Platforms (>= 1.0.1) - framework: dnxcore50, netstandard10, >= netstandard13
      Microsoft.NETCore.Targets (>= 1.0.1) - framework: dnxcore50, netstandard10, >= netstandard13
      System.Runtime (>= 4.1) - framework: dnxcore50, netstandard10, >= netstandard13
    System.Text.Encoding.Extensions (4.0.11) - framework: >= netstandard10
      Microsoft.NETCore.Platforms (>= 1.0.1) - framework: dnxcore50, netstandard10, >= netstandard13
      Microsoft.NETCore.Targets (>= 1.0.1) - framework: dnxcore50, netstandard10, >= netstandard13
      System.Runtime (>= 4.1) - framework: dnxcore50, netstandard10, >= netstandard13
      System.Text.Encoding (>= 4.0.11) - framework: dnxcore50, netstandard10, >= netstandard13
    System.Text.RegularExpressions (4.1) - framework: dnxcore50, >= netstandard10
      System.Collections (>= 4.0.11) - framework: dnxcore50, >= netstandard16
      System.Globalization (>= 4.0.11) - framework: dnxcore50, >= netstandard16
      System.Resources.ResourceManager (>= 4.0.1) - framework: dnxcore50, >= netstandard16
      System.Runtime (>= 4.1) - framework: dnxcore50, netstandard10, netstandard13, >= netstandard16
      System.Runtime.Extensions (>= 4.1) - framework: dnxcore50, >= netstandard16
      System.Threading (>= 4.0.11) - framework: dnxcore50, >= netstandard16
    System.Threading (4.0.11) - framework: dnxcore50, >= netstandard10
      System.Runtime (>= 4.1) - framework: dnxcore50, netstandard10, >= netstandard13
      System.Threading.Tasks (>= 4.0.11) - framework: dnxcore50, netstandard10, >= netstandard13
    System.Threading.Tasks (4.0.11) - framework: dnxcore50, >= netstandard10
      Microsoft.NETCore.Platforms (>= 1.0.1) - framework: dnxcore50, netstandard10, >= netstandard13
      Microsoft.NETCore.Targets (>= 1.0.1) - framework: dnxcore50, netstandard10, >= netstandard13
      System.Runtime (>= 4.1) - framework: dnxcore50, netstandard10, >= netstandard13
    System.Threading.Tasks.Extensions (4.0) - framework: >= netstandard13
      System.Collections (>= 4.0.11) - framework: >= netstandard10
      System.Runtime (>= 4.1) - framework: >= netstandard10
      System.Threading.Tasks (>= 4.0.11) - framework: >= netstandard10
    System.Xml.ReaderWriter (4.0.11) - framework: >= netstandard10
      System.Collections (>= 4.0.11) - framework: dnxcore50, >= netstandard13
      System.Diagnostics.Debug (>= 4.0.11) - framework: dnxcore50, >= netstandard13
      System.Globalization (>= 4.0.11) - framework: dnxcore50, >= netstandard13
      System.IO (>= 4.1) - framework: dnxcore50, netstandard10, >= netstandard13
      System.IO.FileSystem (>= 4.0.1) - framework: dnxcore50, >= netstandard13
      System.IO.FileSystem.Primitives (>= 4.0.1) - framework: dnxcore50, >= netstandard13
      System.Resources.ResourceManager (>= 4.0.1) - framework: dnxcore50, >= netstandard13
      System.Runtime (>= 4.1) - framework: dnxcore50, netstandard10, >= netstandard13
      System.Runtime.Extensions (>= 4.1) - framework: dnxcore50, >= netstandard13
      System.Runtime.InteropServices (>= 4.1) - framework: dnxcore50, >= netstandard13
      System.Text.Encoding (>= 4.0.11) - framework: dnxcore50, netstandard10, >= netstandard13
      System.Text.Encoding.Extensions (>= 4.0.11) - framework: dnxcore50, >= netstandard13
      System.Text.RegularExpressions (>= 4.1) - framework: dnxcore50, >= netstandard13
      System.Threading.Tasks (>= 4.0.11) - framework: dnxcore50, netstandard10, >= netstandard13
      System.Threading.Tasks.Extensions (>= 4.0) - framework: dnxcore50, >= netstandard13
    System.Xml.XDocument (4.0.11) - framework: >= netstandard10
      System.Collections (>= 4.0.11) - framework: dnxcore50, >= netstandard13
      System.Diagnostics.Debug (>= 4.0.11) - framework: dnxcore50, >= netstandard13
      System.Diagnostics.Tools (>= 4.0.1) - framework: dnxcore50, >= netstandard13
      System.Globalization (>= 4.0.11) - framework: dnxcore50, >= netstandard13
      System.IO (>= 4.1) - framework: dnxcore50, netstandard10, >= netstandard13
      System.Reflection (>= 4.1) - framework: dnxcore50, >= netstandard13
      System.Resources.ResourceManager (>= 4.0.1) - framework: dnxcore50, >= netstandard13
      System.Runtime (>= 4.1) - framework: dnxcore50, netstandard10, >= netstandard13
      System.Runtime.Extensions (>= 4.1) - framework: dnxcore50, >= netstandard13
      System.Text.Encoding (>= 4.0.11) - framework: dnxcore50, >= netstandard13
      System.Threading (>= 4.0.11) - framework: dnxcore50, >= netstandard13
      System.Xml.ReaderWriter (>= 4.0.11) - framework: dnxcore50, netstandard10, >= netstandard13
    xunit (2.1)
      xunit.assert (2.1)
      xunit.core (2.1)
    xunit.abstractions (2.0) - framework: >= net45, dnx451, dnxcore50, monoandroid, monotouch, portable-net45+win80+wp80+wpa81, xamarinios, winv4.5, wpv8.0, wpav8.1
    xunit.assert (2.1)
      System.Collections (>= 4.0) - framework: dnxcore50
      System.Diagnostics.Debug (>= 4.0) - framework: dnxcore50
      System.Globalization (>= 4.0) - framework: dnxcore50
      System.Linq (>= 4.0) - framework: dnxcore50
      System.ObjectModel (>= 4.0) - framework: dnxcore50
      System.Reflection (>= 4.0) - framework: dnxcore50
      System.Reflection.Extensions (>= 4.0) - framework: dnxcore50
      System.Runtime (>= 4.0) - framework: dnxcore50
      System.Runtime.Extensions (>= 4.0) - framework: dnxcore50
      System.Text.RegularExpressions (>= 4.0) - framework: dnxcore50
      System.Threading.Tasks (>= 4.0) - framework: dnxcore50
    xunit.core (2.1)
      System.Collections (>= 4.0) - framework: dnxcore50
      System.Diagnostics.Debug (>= 4.0) - framework: dnxcore50
      System.Globalization (>= 4.0) - framework: dnxcore50
      System.Linq (>= 4.0) - framework: dnxcore50
      System.Reflection (>= 4.0) - framework: dnxcore50
      System.Reflection.Extensions (>= 4.0) - framework: dnxcore50
      System.Runtime (>= 4.0) - framework: dnxcore50
      System.Runtime.Extensions (>= 4.0) - framework: dnxcore50
      System.Threading.Tasks (>= 4.0) - framework: dnxcore50
      xunit.abstractions (>= 2.0) - framework: dnxcore50
      xunit.extensibility.core (2.1) - framework: >= net45, dnx451, dnxcore50, monoandroid, monotouch, portable-net45+win80+wp80+wpa81, xamarinios, winv4.5, wpv8.0, wpav8.1
      xunit.extensibility.execution (2.1) - framework: >= net45, dnx451, dnxcore50, monoandroid, monotouch, portable-net45+win80+wp80+wpa81, xamarinios, winv4.5, wpv8.0, wpav8.1
    xunit.extensibility.core (2.1) - framework: >= net45, dnx451, dnxcore50, monoandroid, monotouch, portable-net45+win80+wp80+wpa81, xamarinios, winv4.5, wpv8.0, wpav8.1
      xunit.abstractions (2.0)
    xunit.extensibility.execution (2.1) - framework: >= net45, dnx451, dnxcore50, monoandroid, monotouch, portable-net45+win80+wp80+wpa81, xamarinios, winv4.5, wpv8.0, wpav8.1
      System.Collections (>= 4.0) - framework: dnxcore50
      System.Diagnostics.Debug (>= 4.0) - framework: dnxcore50
      System.Globalization (>= 4.0) - framework: dnxcore50
      System.IO (>= 4.0) - framework: dnxcore50
      System.Linq (>= 4.0) - framework: dnxcore50
      System.Linq.Expressions (>= 4.0) - framework: dnxcore50
      System.Reflection (>= 4.0) - framework: dnxcore50
      System.Reflection.Extensions (>= 4.0) - framework: dnxcore50
      System.Runtime (>= 4.0) - framework: dnxcore50
      System.Runtime.Extensions (>= 4.0) - framework: dnxcore50
      System.Text.Encoding (>= 4.0) - framework: dnxcore50
      System.Threading (>= 4.0) - framework: dnxcore50
      System.Threading.Tasks (>= 4.0) - framework: dnxcore50
      xunit.abstractions (>= 2.0) - framework: dnxcore50
      xunit.extensibility.core (2.1) - framework: >= net45, dnx451, dnxcore50, monoandroid, monotouch, xamarinios, winv4.5, wpv8.0, wpav8.1
