NUGET
  remote: https://www.nuget.org/api/v2
  specs:
    FAKE (4.10.3)
    Fleck (0.13.0.57)
    FSharp.Compiler.Service (1.4.0.6)
    FSharp.Core (4.0.0.1)
    FSharp.Formatting (2.12.0)
      FSharp.Compiler.Service (1.4.0.6)
      FSharpVSPowerTools.Core (2.1.0)
    FSharpVSPowerTools.Core (2.1.0)
      FSharp.Compiler.Service (>= 1.4.0.6)
    FsPickler (1.7.1)
    FsPickler.Json (1.7.1)
      FsPickler (1.7.1)
      Newtonsoft.Json (>= 6.0.5)
    LibGit2Sharp (0.21.0.176)
    Microsoft.Bcl (1.1.10)
      Microsoft.Bcl.Build (>= 1.0.14)
    Microsoft.Bcl.Build (1.0.21) - import_targets: false
    Microsoft.Net.Http (2.2.29)
      Microsoft.Bcl (>= 1.1.10)
      Microsoft.Bcl.Build (>= 1.0.14)
    MsgPack.Cli (0.6.5)
    Newtonsoft.Json (8.0.1)
    NNanomsg (0.5.2)
    NUnit (3.0.1)
    NUnit.Console (3.0.1)
    NUnit.Runners (3.0.1)
      NUnit.Console (3.0.1)
    Octokit (0.16.0)
      Microsoft.Net.Http
    SourceLink.Fake (1.1.0)
    Suave (0.33.0)
      FSharp.Core (>= 3.1.2.5)
    WebSharper (3.6.2.220)
GITHUB
  remote: fsharp/FAKE
  specs:
    modules/Octokit/Octokit.fsx (3834900476aed462f35ce3acc3ea5c4708971e43)
      Octokit