NUGET
  remote: https://nuget.org/api/v2
  specs:
    Akka (1.0.4)
      Newtonsoft.Json (>= 7.0.1)
    Akka.Cluster (1.0.4.12-beta)
      Akka.Remote (>= 1.0.4)
      Google.ProtocolBuffers (>= 2.4.1.521)
      Microsoft.Bcl.Immutable (>= 1.0.34)
    Akka.FSharp (1.0.4)
      Akka (>= 1.0.4)
      FsPickler (>= 1.2.21)
      FSPowerPack.Core.Community (>= 3.0.0.0)
      FSPowerPack.Linq.Community (>= 3.0.0.0)
    Akka.Remote (1.0.4)
      Akka (>= 1.0.4)
      Google.ProtocolBuffers (>= 2.4.1.521)
      Helios (>= 1.4.1)
    FAKE (4.10.1)
    Fleck (0.13.0.57)
    FSharp.Compiler.Service (1.4.0.6)
    FSharp.Core (4.0.0.1)
    FSharp.Formatting (2.12.0)
      FSharp.Compiler.Service (1.4.0.6)
      FSharpVSPowerTools.Core (2.1.0)
    FSharpVSPowerTools.Core (2.1.0)
      FSharp.Compiler.Service (>= 1.4.0.6)
    FsPickler (1.6.2)
    FSPowerPack.Core.Community (3.0.0.0)
    FSPowerPack.Linq.Community (3.0.0.0)
      FSPowerPack.Core.Community
    Google.ProtocolBuffers (2.4.1.555)
    Helios (1.4.1)
    LibGit2Sharp (0.21.0.176)
    Microsoft.Bcl (1.1.10)
      Microsoft.Bcl.Build (>= 1.0.14)
    Microsoft.Bcl.Build (1.0.21) - import_targets: false
    Microsoft.Bcl.Immutable (1.0.34)
    Microsoft.Net.Http (2.2.29)
      Microsoft.Bcl (>= 1.1.10)
      Microsoft.Bcl.Build (>= 1.0.14)
    MsgPack.Cli (0.6.5)
    Newtonsoft.Json (7.0.1)
    NNanomsg (0.5.2)
    NUnit (3.0.1)
    NUnit.Console (3.0.0)
    NUnit.Runners (3.0.0)
      NUnit.Console (3.0.0)
    Octokit (0.16.0)
      Microsoft.Net.Http
    SourceLink.Fake (1.1.0)
    Suave (0.33.0)
      FSharp.Core (>= 3.1.2.5)
    WebSharper (3.6.2.220)
GITHUB
  remote: fsharp/FAKE
  specs:
    modules/Octokit/Octokit.fsx (1de1e288ca37a162b4b8d086b28153aac551c3db)
      Octokit