NUGET
  remote: https://www.nuget.org/api/v2
  specs:
    FAKE (4.12.2)
    Fleck (0.13.0.57)
    FSharp.Compiler.Service (1.4.2.3)
    FSharp.Core (4.0.0.1)
    FSharp.Formatting (2.13.0)
      FSharp.Compiler.Service (>= 1.4.2 < 1.5.0)
      FSharpVSPowerTools.Core (>= 2.2.0 < 2.3.0)
    FSharpVSPowerTools.Core (2.2.0)
      FSharp.Compiler.Service (>= 1.4.2.0)
    FsPickler (1.7.1)
    FsPickler.Json (1.7.1)
      FsPickler (1.7.1)
      Newtonsoft.Json (>= 6.0.5)
    LibGit2Sharp (0.22.0-pre20151023210959)
      LibGit2Sharp.NativeBinaries (1.0.106)
    LibGit2Sharp.NativeBinaries (1.0.106)
    Microsoft.Bcl (1.1.10)
      Microsoft.Bcl.Build (>= 1.0.14)
    Microsoft.Bcl.Build (1.0.21) - import_targets: false
    Microsoft.Net.Http (2.2.29)
      Microsoft.Bcl (>= 1.1.10)
      Microsoft.Bcl.Build (>= 1.0.14)
    Newtonsoft.Json (8.0.1)
    NUnit (3.0.1)
    NUnit.Console (3.0.1)
    NUnit.Runners (3.0.1)
      NUnit.Console (3.0.1)
    Octokit (0.17.0)
      Microsoft.Net.Http
    SourceLink.Fake (1.1.0)
    Suave (1.0.0)
      FSharp.Core (>= 3.1.2.5)
    WebSharper (3.6.6.225)
GITHUB
  remote: fsharp/FAKE
  specs:
    modules/Octokit/Octokit.fsx (25f012022dcefdf72f4dd342d08075161512d76a)
      Octokit