NUGET
  remote: https://www.nuget.org/api/v2
  specs:
    FAKE (4.20.0)
    Fleck (0.13.0.57)
    FsCheck (2.2.4)
      FSharp.Core (>= 3.1.2.5)
    FSharp.Compiler.Service (2.0.0.6)
    FSharp.Configuration (0.5.10)
    FSharp.Core (4.0.0.1)
    FSharp.Formatting (2.14.0)
      FSharp.Compiler.Service (>= 2.0.0.3 < 2.1.0)
      FSharpVSPowerTools.Core (>= 2.3.0 < 2.4.0)
    FSharpVSPowerTools.Core (2.3.0)
      FSharp.Compiler.Service (>= 2.0.0.3)
    FsPickler (1.8.0)
    FsPickler.Json (1.8.0)
      FsPickler (1.8.0)
      Newtonsoft.Json (>= 6.0.5)
    Fuchu (1.0.3)
      FSharp.Core (>= 3.1.2.1)
    LibGit2Sharp (0.22.0-pre20151023210959)
      LibGit2Sharp.NativeBinaries (1.0.106)
    LibGit2Sharp.NativeBinaries (1.0.106)
    Microsoft.Bcl (1.1.10)
      Microsoft.Bcl.Build (>= 1.0.14)
    Microsoft.Bcl.Build (1.0.21) - import_targets: false
    Microsoft.Net.Http (2.2.29)
      Microsoft.Bcl (>= 1.1.10)
      Microsoft.Bcl.Build (>= 1.0.14)
    Newtonsoft.Json (8.0.2)
    Octokit (0.18.0)
      Microsoft.Net.Http
    SourceLink.Fake (1.1.0)
    Suave (1.1.1)
      FSharp.Core (>= 3.1.2.5)
    WebSharper (3.6.10.230)
GITHUB
  remote: fsharp/FAKE
  specs:
    modules/Octokit/Octokit.fsx (43c4800c5f132d2c2d6832a3a59232a64d83d4c0)
      Octokit